GEM
  remote: http://rubygems.org/
  specs:
    adsf (1.0.1)
      rack (>= 1.0.0)
    daemons (1.1.0)
    eventmachine (0.12.10)
    haml (3.0.22)
    pith (0.0.11)
      adsf (~> 1.0.1)
      rack (>= 1.1.0)
      thin (>= 1.2.6)
      tilt (~> 0.9)
    rack (1.2.1)
    rake (0.8.7)
    thin (1.2.7)
      daemons (>= 1.0.9)
      eventmachine (>= 0.12.6)
      rack (>= 1.0.0)
    tilt (0.10)

PLATFORMS
  ruby

DEPENDENCIES
  haml (~> 3.0.4)
  pith (= 0.0.11)
  rake
